GEM
  remote: http://rubygems.org/
  specs:
    chunky_png (1.2.7)
    compass (0.13.alpha.0)
      chunky_png (~> 1.2)
      fssm (>= 0.2.7)
      sass (~> 3.2.0.alpha.93)
    foreman (0.60.2)
      thor (>= 0.13.6)
    fssm (0.2.9)
    rake (10.0.3)
    sass (3.2.5)
    thor (0.16.0)

PLATFORMS
  ruby

DEPENDENCIES
  compass (~> 0.13.alpha.0)
  foreman (~> 0.60.2)
  rake (~> 10.0.3)
  sass (~> 3.2.5)
